GEM
  remote: https://rubygems.org/
  specs:
    dotenv (2.7.6)
    faraday (1.0.1)
      multipart-post (>= 1.2, < 3)
    multipart-post (2.1.1)
    paint (2.2.0)

PLATFORMS
  ruby

DEPENDENCIES
  dotenv
  faraday
  paint

RUBY VERSION
   ruby 2.7.1p83

BUNDLED WITH
   2.1.4
